PATH
  remote: .
  specs:
    tools_for_locales (0.0.1)

GEM
  remote: http://rubygems.org/
  specs:

PLATFORMS
  ruby

DEPENDENCIES
  tools_for_locales!
